GEM
  specs:
    httparty (0.15.5)
      multi_xml (>= 0.5.2)
    json (2.0.2)
    multi_xml (0.6.0)
    mustermann (1.0.0)
    rack (2.0.3)
    rack-protection (2.0.0)
      rack
    sinatra (2.0.0)
      mustermann (~> 1.0)
      rack (~> 2.0)
      rack-protection (= 2.0.0)
      tilt (~> 2.0)
    tilt (2.0.7)

PLATFORMS
  ruby

DEPENDENCIES
  httparty
  json
  sinatra

BUNDLED WITH
   1.14.6
